GEM
  remote: https://rubygems.org/
  specs:
    chunky_png (1.3.10)
    compass (1.0.3)
      chunky_png (~> 1.2)
      compass-core (~> 1.0.2)
      compass-import-once (~> 1.0.5)
      rb-fsevent (>= 0.9.3)
      rb-inotify (>= 0.9)
      sass (>= 3.3.13, < 3.5)
    compass-core (1.0.3)
      multi_json (~> 1.0)
      sass (>= 3.3.0, < 3.5)
    compass-import-once (1.0.5)
      sass (>= 3.2, < 3.5)
    ffi (1.9.18)
    ffi (1.9.18-x86-mingw32)
    multi_json (1.13.1)
    rb-fsevent (0.10.2)
    rb-inotify (0.9.10)
      ffi (>= 0.5.0, < 2)
    sass (3.4.25)
    sass-css-importer (1.0.0.beta.0)
      sass (>= 3.1)
    susy (2.2.12)
      sass (>= 3.3.0, < 3.5)

PLATFORMS
  ruby
  x86-mingw32

DEPENDENCIES
  compass (~> 1.0.1)
  sass-css-importer (~> 1.0.0.beta.0)
  susy (~> 2.2.2)

BUNDLED WITH
   1.16.0
